GEM
  remote: http://rubygems.org/
  specs:
    faraday (0.11.0)
      multipart-post (>= 1.2, < 3)
    multipart-post (2.0.0)
    os (1.0.0)
    rack (1.6.5)
    rack-protection (1.5.3)
      rack
    rdiscount (2.2.0.1)
    sentry-raven (2.2.0)
      faraday (>= 0.7.6, < 1.0)
    sentry_breakpad (0.1.10)
      sentry-raven (~> 2.2.0)
    sinatra (1.4.8)
      rack (~> 1.5)
      rack-protection (~> 1.4)
      tilt (>= 1.3, < 3)
    tilt (2.0.7)

PLATFORMS
  ruby

DEPENDENCIES
  os (~> 1.0.0)
  rdiscount (~> 2.2.0.1)
  sentry_breakpad (~> 0.1.10)
  sinatra (~> 1.4.7)
